PATH
  remote: .
  specs:
    ipfixer_client (0.0.2)
      daemons
      thor
      win32-service

GEM
  remote: https://rubygems.org/
  specs:
    coderay (1.0.8)
<<<<<<< HEAD
=======
    columnize (0.3.6)
    daemons (1.1.9)
    debugger (1.3.0)
      columnize (>= 0.3.1)
      debugger-linecache (~> 1.1.1)
      debugger-ruby_core_source (~> 1.1.7)
    debugger-linecache (1.1.2)
      debugger-ruby_core_source (>= 1.1.1)
    debugger-ruby_core_source (1.1.7)
>>>>>>> 8732c7e2a3d79b98e2bc87b9a66bbf666c345865
    diff-lcs (1.1.3)
    ffi (1.9.0)
    ffi (1.9.0-x86-mingw32)
    method_source (0.8.1)
    pry (0.9.11.4)
      coderay (~> 1.0.5)
      method_source (~> 0.8)
      slop (~> 3.4)
    pry (0.9.11.4-x86-mingw32)
      coderay (~> 1.0.5)
      method_source (~> 0.8)
      slop (~> 3.4)
      win32console (~> 1.3)
    rake (0.9.2)
    rspec (2.12.0)
      rspec-core (~> 2.12.0)
      rspec-expectations (~> 2.12.0)
      rspec-mocks (~> 2.12.0)
    rspec-core (2.12.2)
    rspec-expectations (2.12.1)
      diff-lcs (~> 1.1.3)
    rspec-mocks (2.12.2)
    slop (3.4.3)
    thor (0.18.1)
    win32-service (0.8.0)
      ffi
    win32console (1.3.2-x86-mingw32)

PLATFORMS
  ruby
  x86-mingw32

DEPENDENCIES
  ipfixer_client!
  pry
  rake (= 0.9.2)
  rspec
